GEM
  remote: https://rubygems.org/
  specs:
    rake (13.0.1)
    redcarpet (3.5.0)
    rouge (3.23.0)

PLATFORMS
  ruby

DEPENDENCIES
  rake
  redcarpet
  rouge

BUNDLED WITH
   2.1.4
