GEM
  specs:
    redcarpet (3.5.0)
    rouge (3.23.0)

PLATFORMS
  ruby

DEPENDENCIES
  redcarpet
  rouge

BUNDLED WITH
   2.1.4
